GEM
  remote: https://rubygems.org/
  specs:
    json (2.1.0)
    sequel (4.48.0)
    slop (4.5.0)
    sqlite3 (1.3.13)

PLATFORMS
  ruby
  x86_64-darwin-16

DEPENDENCIES
  json
  sequel
  slop
  sqlite3

BUNDLED WITH
   1.15.1
